GEM
  remote: https://rubygems.org/
  specs:
    activesupport (4.2.5)
      i18n (~> 0.7)
      json (~> 1.7, >= 1.7.7)
      minitest (~> 5.1)
      thread_safe (~> 0.3, >= 0.3.4)
      tzinfo (~> 1.1)
    addressable (2.3.8)
    buftok (0.2.0)
    chrono (0.1.0)
      activesupport
    docomoru (0.1.3)
      activesupport
      faraday
      faraday_middleware
      json
      rack
      slop
    domain_name (0.5.25)
      unf (>= 0.0.5, < 1.0.0)
    dotenv (2.0.2)
    equalizer (0.0.10)
    faraday (0.9.2)
      multipart-post (>= 1.2, < 3)
    faraday_middleware (0.9.2)
      faraday (>= 0.7.4, < 0.10)
    hashie (3.4.3)
    http (0.9.8)
      addressable (~> 2.3)
      http-cookie (~> 1.0)
      http-form_data (~> 1.0.1)
      http_parser.rb (~> 0.6.0)
    http-cookie (1.0.2)
      domain_name (~> 0.5)
    http-form_data (1.0.1)
    http_parser.rb (0.6.0)
    i18n (0.7.0)
    instagram (1.1.6)
      faraday (>= 0.7, < 0.10)
      faraday_middleware (>= 0.8, < 0.10)
      hashie (>= 0.4.0)
      multi_json (~> 1.0, >= 1.0.3)
    json (1.8.3)
    mem (0.1.5)
    memoizable (0.4.2)
      thread_safe (~> 0.3, >= 0.3.1)
    mini_portile2 (2.0.0)
    minitest (5.8.3)
    multi_json (1.11.2)
    multi_xml (0.5.5)
    multipart-post (2.0.0)
    naught (1.1.0)
    nokogiri (1.6.7)
      mini_portile2 (~> 2.0.0.rc2)
    octokit (4.2.0)
      sawyer (~> 0.6.0, >= 0.5.3)
    rack (1.6.4)
    redis (3.2.2)
    redis-namespace (1.5.2)
      redis (~> 3.0, >= 3.0.4)
    ruboty (1.2.2)
      activesupport
      bundler
      dotenv
      mem
      slop
    ruboty-alias (0.0.8)
      ruboty (>= 1.1.1)
    ruboty-cron (1.1.0)
      activesupport
      chrono
      ruboty (>= 0.2.0)
    ruboty-deadline (1.0.2)
      activesupport
      ruboty
      tokiyomi
    ruboty-echo (0.1.0)
      ruboty
    ruboty-github (0.2.1)
      activesupport
      octokit
      ruboty
    ruboty-google_image (0.0.7)
      faraday
      faraday_middleware
      ruboty
    ruboty-hatena_hotentry (0.0.2)
      nokogiri
      ruboty
    ruboty-instagram (0.0.1)
      instagram
      ruboty
    ruboty-message_suffix (0.0.3)
      ruboty
    ruboty-redis (0.0.6)
      redis
      redis-namespace
      ruboty
    ruboty-slack (0.1.12)
      ruboty (>= 1.0.4)
      xrc (>= 0.1.8)
    ruboty-syoboi_calendar (0.0.7)
      activesupport
      ruboty
      syoboi_calendar (= 0.3.1)
    ruboty-talk (0.0.5)
      docomoru (>= 0.0.3)
      ruboty (>= 1.1.0)
    ruboty-twitter_search (0.1.1)
      ruboty
      twitter
    ruboty-weather (0.0.5)
      faraday
      faraday_middleware
      ruboty (>= 0.2.0)
    ruboty-youtube (0.2.1)
      faraday
      nokogiri
      ruboty
    sawyer (0.6.0)
      addressable (~> 2.3.5)
      faraday (~> 0.8, < 0.10)
    simple_oauth (0.3.1)
    slop (4.2.1)
    syoboi_calendar (0.3.1)
      activesupport
      faraday
      faraday_middleware
      hashie
      multi_xml
    thread_safe (0.3.5)
    tokiyomi (0.1.1)
      activesupport
    twitter (5.15.0)
      addressable (~> 2.3)
      buftok (~> 0.2.0)
      equalizer (= 0.0.10)
      faraday (~> 0.9.0)
      http (>= 0.4, < 0.10)
      http_parser.rb (~> 0.6.0)
      json (~> 1.8)
      memoizable (~> 0.4.0)
      naught (~> 1.0)
      simple_oauth (~> 0.3.0)
    tzinfo (1.2.2)
      thread_safe (~> 0.1)
    unf (0.1.4)
      unf_ext
    unf_ext (0.0.7.1)
    xrc (0.1.8)
      activesupport

PLATFORMS
  ruby

DEPENDENCIES
  ruboty
  ruboty-alias
  ruboty-cron
  ruboty-deadline
  ruboty-echo
  ruboty-github
  ruboty-google_image
  ruboty-hatena_hotentry
  ruboty-instagram
  ruboty-message_suffix
  ruboty-redis
  ruboty-slack
  ruboty-syoboi_calendar
  ruboty-talk
  ruboty-twitter_search
  ruboty-weather
  ruboty-youtube

BUNDLED WITH
   1.10.6
